PATH
  remote: .
  specs:
    tree.rb (0.3.12)
      ansi
      json
      nokogiri
      sqlite3

GEM
  remote: http://rubygems.org/
  specs:
    ansi (1.4.3)
    diff-lcs (1.2.4)
    json (1.8.0)
    json (1.8.0-java)
    mini_portile (0.5.1)
    nokogiri (1.6.0)
      mini_portile (~> 0.5.0)
    nokogiri (1.6.0-java)
      mini_portile (~> 0.5.0)
    rake (10.1.0)
    rspec (2.14.1)
      rspec-core (~> 2.14.0)
      rspec-expectations (~> 2.14.0)
      rspec-mocks (~> 2.14.0)
    rspec-core (2.14.4)
    rspec-expectations (2.14.1)
      diff-lcs (>= 1.1.3, < 2.0)
    rspec-mocks (2.14.3)
    sqlite3 (1.3.7)
    yard (0.8.7)

PLATFORMS
  java
  ruby

DEPENDENCIES
  bundler
  rake
  rspec
  tree.rb!
  yard
