PATH
  remote: .
  specs:
    treevisitor (0.2.3)
      ansi
      json

GEM
  remote: http://rubygems.org/
  specs:
    ansi (1.4.3)
    diff-lcs (1.1.3)
    json (1.7.4)
    rake (0.9.2.2)
    rspec (2.11.0)
      rspec-core (~> 2.11.0)
      rspec-expectations (~> 2.11.0)
      rspec-mocks (~> 2.11.0)
    rspec-core (2.11.1)
    rspec-expectations (2.11.2)
      diff-lcs (~> 1.1.3)
    rspec-mocks (2.11.1)
    yard (0.8.2.1)

PLATFORMS
  java
  ruby

DEPENDENCIES
  bundler
  rake
  rspec
  treevisitor!
  yard
