PATH
  remote: .
  specs:
    treevisitor (0.2.5)
      tree.rb

GEM
  remote: http://rubygems.org/
  specs:
    ansi (1.4.3)
    json (1.7.5)
    json (1.7.5-java)
    tree.rb (0.3.4)
      ansi
      json

PLATFORMS
  java
  ruby

DEPENDENCIES
  treevisitor!
