PATH
  remote: .
  specs:
    tree.rb (0.3.12)
      ansi
      json
      nokogiri
      sqlite3

GEM
  remote: http://rubygems.org/
  specs:
    ansi (1.5.0)
    diff-lcs (1.2.5)
    json (1.8.3)
    json (1.8.3-java)
    mini_portile2 (2.0.0)
    nokogiri (1.6.7.2)
      mini_portile2 (~> 2.0.0.rc2)
    nokogiri (1.6.7.2-java)
    rake (10.5.0)
    rspec (3.4.0)
      rspec-core (~> 3.4.0)
      rspec-expectations (~> 3.4.0)
      rspec-mocks (~> 3.4.0)
    rspec-collection_matchers (1.1.2)
      rspec-expectations (>= 2.99.0.beta1)
    rspec-core (3.4.3)
      rspec-support (~> 3.4.0)
    rspec-expectations (3.4.0)
      diff-lcs (>= 1.2.0, < 2.0)
      rspec-support (~> 3.4.0)
    rspec-mocks (3.4.1)
      diff-lcs (>= 1.2.0, < 2.0)
      rspec-support (~> 3.4.0)
    rspec-support (3.4.1)
    sqlite3 (1.3.11)
    yard (0.8.7.6)

PLATFORMS
  java
  ruby

DEPENDENCIES
  bundler
  rake
  rspec
  rspec-collection_matchers
  tree.rb!
  yard

BUNDLED WITH
   1.11.2
