PATH
  remote: .
  specs:
    treevisitor (0.2.4)
      tree.rb

GEM
  remote: http://rubygems.org/
  specs:
    ansi (1.4.3)
    json (1.7.4)
    json (1.7.4-java)
    tree.rb (0.3.1)
      ansi
      json

PLATFORMS
  java
  ruby

DEPENDENCIES
  treevisitor!
